PATH
  remote: .
  specs:
    a-panzer (1.0.0)
      dispel (>= 0.0.7)

GEM
  remote: https://rubygems.org/
  specs:
    bump (0.5.1)
    curses (1.0.1)
    diff-lcs (1.2.5)
    dispel (0.0.7)
      curses
    rake (10.4.2)
    rspec (3.1.0)
      rspec-core (~> 3.1.0)
      rspec-expectations (~> 3.1.0)
      rspec-mocks (~> 3.1.0)
    rspec-core (3.1.7)
      rspec-support (~> 3.1.0)
    rspec-expectations (3.1.2)
      diff-lcs (>= 1.2.0, < 2.0)
      rspec-support (~> 3.1.0)
    rspec-mocks (3.1.3)
      rspec-support (~> 3.1.0)
    rspec-support (3.1.2)

PLATFORMS
  ruby

DEPENDENCIES
  a-panzer!
  bump
  rake
  rspec
